GEM
  remote: https://rubygems.org/
  specs:
    concurrent-ruby (1.1.4)
    i18n (1.5.1)
      concurrent-ruby (~> 1.0)
    mustermann (1.0.3)
    pg (1.1.4)
    puma (3.12.0)
    rack (2.0.6)
    rack-protection (2.0.5)
      rack
    sequel (5.16.0)
    sequel_pg (1.11.0)
      pg (>= 0.18.0)
      sequel (>= 4.38.0)
    sinatra (2.0.5)
      mustermann (~> 1.0)
      rack (~> 2.0)
      rack-protection (= 2.0.5)
      tilt (~> 2.0)
    tilt (2.0.9)

PLATFORMS
  ruby

DEPENDENCIES
  i18n
  pg
  puma
  sequel
  sequel_pg
  sinatra

RUBY VERSION
   ruby 2.5.3p105

BUNDLED WITH
   1.17.2
